PATH
  remote: .
  specs:
    asciidoctor-plantuml (0.0.9)
      asciidoctor (>= 1.5.6, < 3.0.0)

GEM
  remote: https://rubygems.org/
  specs:
    asciidoctor (2.0.10)
    mini_portile2 (2.4.0)
    nokogiri (1.10.3)
      mini_portile2 (~> 2.4.0)
    power_assert (1.1.4)
    rake (10.5.0)
    test-unit (3.3.3)
      power_assert

PLATFORMS
  ruby

DEPENDENCIES
  asciidoctor-plantuml!
  bundler (~> 1.3)
  nokogiri (~> 1.6)
  rake (~> 10.5)
  test-unit (~> 3.3)

BUNDLED WITH
   1.17.2
