PATH
  remote: .
  specs:
    asciidoctor-plantuml (0.0.9)
      asciidoctor (>= 1.5.6, < 3.0.0)

GEM
  remote: https://rubygems.org/
  specs:
    asciidoctor (2.0.10)
    ast (2.4.0)
    jaro_winkler (1.5.2)
    mini_portile2 (2.4.0)
    nokogiri (1.10.3)
      mini_portile2 (~> 2.4.0)
    parallel (1.17.0)
    parser (2.6.3.0)
      ast (~> 2.4.0)
    power_assert (1.1.4)
    rainbow (3.0.0)
    rake (10.5.0)
    rubocop (0.71.0)
      jaro_winkler (~> 1.5.1)
      parallel (~> 1.10)
      parser (>= 2.6)
      rainbow (>= 2.2.2, < 4.0)
      ruby-progressbar (~> 1.7)
      unicode-display_width (>= 1.4.0, < 1.7)
    ruby-progressbar (1.10.1)
    test-unit (3.3.3)
      power_assert
    unicode-display_width (1.6.0)

PLATFORMS
  ruby

DEPENDENCIES
  asciidoctor-plantuml!
  bundler (~> 1.3)
  nokogiri (~> 1.6)
  rake (~> 10.5)
  rubocop (~> 0.66)
  test-unit (~> 3.3)

BUNDLED WITH
   1.17.2
